GIT
  remote: https://github.com/activeadmin/activeadmin.git
  revision: 9292dfb548b7779db962ab7992ea4b1342ea69d4
  ref: 9292dfb548b7779db962ab7992ea4b1342ea69d4
  specs:
    activeadmin (2.0.0.alpha)
      arbre (>= 1.1.1)
      formtastic (~> 3.1)
      formtastic_i18n
      inherited_resources (>= 1.7.0)
      jquery-rails (>= 4.2.0)
      kaminari (>= 1.0.1)
      railties (>= 5.0, < 5.3)
      ransack (>= 1.8.7)
      sass (~> 3.4)
      sprockets (>= 3.0, < 4.1)
      sprockets-es6 (>= 0.9.2)

GIT
  remote: https://github.com/activeadmin/inherited_resources.git
  revision: db6eb312b7cac6baf0023f720cf6785a9849fa85
  ref: db6eb312b7cac6baf0023f720cf6785a9849fa85
  specs:
    inherited_resources (1.9.0)
      actionpack (>= 5.0, < 5.3)
      has_scope (~> 0.6)
      railties (>= 5.0, < 5.3)
      responders

GIT
  remote: https://github.com/ngty/knock.git
  revision: 9e9416c3745fc5e8fa73bbb901b69729d45aef9b
  ref: 9e9416c3745fc5e8fa73bbb901b69729d45aef9b
  specs:
    knock (2.1.1.pre.multitokensecrets)
      bcrypt (~> 3.1)
      jwt (~> 1.5)
      rails (>= 4.2)

GEM
  remote: https://rubygems.org/
  specs:
    actioncable (5.2.2)
      actionpack (= 5.2.2)
      nio4r (~> 2.0)
      websocket-driver (>= 0.6.1)
    actionmailer (5.2.2)
      actionpack (= 5.2.2)
      actionview (= 5.2.2)
      activejob (= 5.2.2)
      mail (~> 2.5, >= 2.5.4)
      rails-dom-testing (~> 2.0)
    actionpack (5.2.2)
      actionview (= 5.2.2)
      activesupport (= 5.2.2)
      rack (~> 2.0)
      rack-test (>= 0.6.3)
      rails-dom-testing (~> 2.0)
      rails-html-sanitizer (~> 1.0, >= 1.0.2)
    actionview (5.2.2)
      activesupport (= 5.2.2)
      builder (~> 3.1)
      erubi (~> 1.4)
      rails-dom-testing (~> 2.0)
      rails-html-sanitizer (~> 1.0, >= 1.0.3)
    active_material (1.4.2)
    activeadmin_addons (1.7.0)
      active_material
      railties
      require_all (~> 1.5)
      sass
      select2-rails (~> 4.0)
      xdan-datetimepicker-rails (~> 2.5.1)
    activejob (5.2.2)
      activesupport (= 5.2.2)
      globalid (>= 0.3.6)
    activemodel (5.2.2)
      activesupport (= 5.2.2)
    activerecord (5.2.2)
      activemodel (= 5.2.2)
      activesupport (= 5.2.2)
      arel (>= 9.0)
    activestorage (5.2.2)
      actionpack (= 5.2.2)
      activerecord (= 5.2.2)
      marcel (~> 0.3.1)
    activesupport (5.2.2)
      concurrent-ruby (~> 1.0, >= 1.0.2)
      i18n (>= 0.7, < 2)
      minitest (~> 5.1)
      tzinfo (~> 1.1)
    addressable (2.6.0)
      public_suffix (>= 2.0.2, < 4.0)
    airbrake (8.0.1)
      airbrake-ruby (~> 3.0)
    airbrake-ruby (3.1.0)
      tdigest (= 0.1.1)
    apitome (0.2.1)
      kramdown
      railties
    arbre (1.1.1)
      activesupport (>= 3.0.0)
    arel (9.0.0)
    ast (2.4.0)
    babel-source (5.8.35)
    babel-transpiler (0.7.0)
      babel-source (>= 4.0, < 6)
      execjs (~> 2.0)
    bcrypt (3.1.12)
    brakeman (4.4.0)
    builder (3.2.3)
    bullet (5.9.0)
      activesupport (>= 3.0.0)
      uniform_notifier (~> 1.11)
    climate_control (0.2.0)
    concurrent-ruby (1.1.4)
    countries (3.0.0)
      i18n_data (~> 0.8.0)
      sixarm_ruby_unaccent (~> 1.1)
      unicode_utils (~> 1.4)
    country_select (4.0.0)
      countries (~> 3.0)
      sort_alphabetical (~> 1.0)
    crack (0.4.3)
      safe_yaml (~> 1.0.0)
    crass (1.0.4)
    database_cleaner (1.7.0)
    devise (4.6.1)
      bcrypt (~> 3.0)
      orm_adapter (~> 0.1)
      railties (>= 4.1.0, < 6.0)
      responders
      warden (~> 1.2.3)
    devise-jwt (0.4.1)
      devise (~> 4.0)
      warden-jwt_auth (~> 0.1.2)
    diff-lcs (1.3)
    dotenv (2.7.1)
    dotenv-rails (2.7.1)
      dotenv (= 2.7.1)
      railties (>= 3.2, < 6.1)
    dry-auto_inject (0.6.0)
      dry-container (>= 0.3.4)
    dry-configurable (0.8.2)
      concurrent-ruby (~> 1.0)
      dry-core (~> 0.4, >= 0.4.7)
    dry-container (0.7.0)
      concurrent-ruby (~> 1.0)
      dry-configurable (~> 0.1, >= 0.1.3)
    dry-core (0.4.7)
      concurrent-ruby (~> 1.0)
    equatable (0.5.0)
    erubi (1.8.0)
    erubis (2.7.0)
    execjs (2.7.0)
    factory_bot (4.11.1)
      activesupport (>= 3.0.0)
    factory_bot_rails (4.11.1)
      factory_bot (~> 4.11.1)
      railties (>= 3.0.0)
    faker (1.9.3)
      i18n (>= 0.7)
    fakerbot (0.4.4)
      faker
      pastel (~> 0.7.2)
      thor (~> 0.20.0)
      tty-pager
      tty-screen
      tty-tree
    faraday (0.15.4)
      multipart-post (>= 1.2, < 3)
    fast_jsonapi (1.5)
      activesupport (>= 4.2)
    ffi (1.10.0)
    formtastic (3.1.5)
      actionpack (>= 3.2.13)
    formtastic_i18n (0.6.0)
    geocoder (1.5.1)
    get_process_mem (0.2.3)
    globalid (0.4.2)
      activesupport (>= 4.2.0)
    haml (5.0.4)
      temple (>= 0.8.0)
      tilt
    haml-rails (1.0.0)
      actionpack (>= 4.0.1)
      activesupport (>= 4.0.1)
      haml (>= 4.0.6, < 6.0)
      html2haml (>= 1.0.1)
      railties (>= 4.0.1)
    has_scope (0.7.2)
      actionpack (>= 4.1)
      activesupport (>= 4.1)
    hashdiff (0.3.8)
    hashie (3.6.0)
    html2haml (2.2.0)
      erubis (~> 2.7.0)
      haml (>= 4.0, < 6)
      nokogiri (>= 1.6.0)
      ruby_parser (~> 3.5)
    httplog (1.2.1)
      rack (>= 1.0)
      rainbow (>= 2.0.0)
    i18n (1.6.0)
      concurrent-ruby (~> 1.0)
    i18n_data (0.8.0)
    jaro_winkler (1.5.2)
    jquery-rails (4.3.3)
      rails-dom-testing (>= 1, < 3)
      railties (>= 4.2.0)
      thor (>= 0.14, < 2.0)
    json (2.2.0)
    jwt (1.5.6)
    kaminari (1.1.1)
      activesupport (>= 4.1.0)
      kaminari-actionview (= 1.1.1)
      kaminari-activerecord (= 1.1.1)
      kaminari-core (= 1.1.1)
    kaminari-actionview (1.1.1)
      actionview
      kaminari-core (= 1.1.1)
    kaminari-activerecord (1.1.1)
      activerecord
      kaminari-core (= 1.1.1)
    kaminari-core (1.1.1)
    koala (3.0.0)
      addressable
      faraday
      json (>= 1.8)
    kramdown (2.1.0)
    libv8 (3.16.14.19)
    lograge (0.10.0)
      actionpack (>= 4)
      activesupport (>= 4)
      railties (>= 4)
      request_store (~> 1.0)
    loofah (2.2.3)
      crass (~> 1.0.2)
      nokogiri (>= 1.5.9)
    mail (2.7.1)
      mini_mime (>= 0.1.1)
    marcel (0.3.3)
      mimemagic (~> 0.3.2)
    method_source (0.9.2)
    mimemagic (0.3.3)
    mini_mime (1.0.1)
    mini_portile2 (2.4.0)
    minitest (5.11.3)
    mry (0.59.0.0)
      rubocop (>= 0.41.0)
    multi_json (1.13.1)
    multi_xml (0.6.0)
    multipart-post (2.0.0)
    mustache (1.1.0)
    mustermann (1.0.3)
    newrelic_rpm (6.1.0.352)
    nio4r (2.3.1)
    nokogiri (1.10.1)
      mini_portile2 (~> 2.4.0)
    oauth2 (1.4.1)
      faraday (>= 0.8, < 0.16.0)
      jwt (>= 1.0, < 3.0)
      multi_json (~> 1.3)
      multi_xml (~> 0.5)
      rack (>= 1.2, < 3)
    omniauth (1.9.0)
      hashie (>= 3.4.6, < 3.7.0)
      rack (>= 1.6.2, < 3)
    omniauth-facebook (5.0.0)
      omniauth-oauth2 (~> 1.2)
    omniauth-oauth2 (1.6.0)
      oauth2 (~> 1.1)
      omniauth (~> 1.9)
    orm_adapter (0.5.0)
    parallel (1.14.0)
    parser (2.6.0.0)
      ast (~> 2.4.0)
    pastel (0.7.2)
      equatable (~> 0.5.0)
      tty-color (~> 0.4.0)
    pg (1.1.4)
    phony (2.17.0)
    powerpack (0.1.2)
    psych (3.1.0)
    public_suffix (3.0.3)
    puma (3.12.0)
    puma-heroku (1.0.0)
      puma (~> 3.0)
    puma_worker_killer (0.1.0)
      get_process_mem (~> 0.2)
      puma (>= 2.7, < 4)
    rack (2.0.6)
    rack-cors (1.0.2)
    rack-protection (2.0.5)
      rack
    rack-proxy (0.6.5)
      rack
    rack-test (1.1.0)
      rack (>= 1.0, < 3)
    rails (5.2.2)
      actioncable (= 5.2.2)
      actionmailer (= 5.2.2)
      actionpack (= 5.2.2)
      actionview (= 5.2.2)
      activejob (= 5.2.2)
      activemodel (= 5.2.2)
      activerecord (= 5.2.2)
      activestorage (= 5.2.2)
      activesupport (= 5.2.2)
      bundler (>= 1.3.0)
      railties (= 5.2.2)
      sprockets-rails (>= 2.0.0)
    rails-dom-testing (2.0.3)
      activesupport (>= 4.2.0)
      nokogiri (>= 1.6)
    rails-html-sanitizer (1.0.4)
      loofah (~> 2.2, >= 2.2.2)
    rails_12factor (0.0.3)
      rails_serve_static_assets
      rails_stdout_logging
    rails_serve_static_assets (0.0.5)
    rails_stdout_logging (0.0.5)
    railties (5.2.2)
      actionpack (= 5.2.2)
      activesupport (= 5.2.2)
      method_source
      rake (>= 0.8.7)
      thor (>= 0.19.0, < 2.0)
    rainbow (3.0.0)
    rake (12.3.2)
    ransack (2.1.1)
      actionpack (>= 5.0)
      activerecord (>= 5.0)
      activesupport (>= 5.0)
      i18n
    rb-fsevent (0.10.3)
    rb-inotify (0.10.0)
      ffi (~> 1.0)
    rbtree (0.4.2)
    ref (2.0.0)
    request_store (1.4.1)
      rack (>= 1.4)
    require_all (1.5.0)
    responders (2.4.1)
      actionpack (>= 4.2.0, < 6.0)
      railties (>= 4.2.0, < 6.0)
    rspec (3.8.0)
      rspec-core (~> 3.8.0)
      rspec-expectations (~> 3.8.0)
      rspec-mocks (~> 3.8.0)
    rspec-core (3.8.0)
      rspec-support (~> 3.8.0)
    rspec-expectations (3.8.2)
      diff-lcs (>= 1.2.0, < 2.0)
      rspec-support (~> 3.8.0)
    rspec-mocks (3.8.0)
      diff-lcs (>= 1.2.0, < 2.0)
      rspec-support (~> 3.8.0)
    rspec-rails (3.8.2)
      actionpack (>= 3.0)
      activesupport (>= 3.0)
      railties (>= 3.0)
      rspec-core (~> 3.8.0)
      rspec-expectations (~> 3.8.0)
      rspec-mocks (~> 3.8.0)
      rspec-support (~> 3.8.0)
    rspec-support (3.8.0)
    rspec_api_documentation (6.1.0)
      activesupport (>= 3.0.0)
      mustache (~> 1.0, >= 0.99.4)
      rspec (~> 3.0)
    rubocop (0.65.0)
      jaro_winkler (~> 1.5.1)
      parallel (~> 1.10)
      parser (>= 2.5, != 2.5.1.1)
      powerpack (~> 0.1)
      psych (>= 3.1.0)
      rainbow (>= 2.2.2, < 4.0)
      ruby-progressbar (~> 1.7)
      unicode-display_width (~> 1.4.0)
    rubocop-rspec (1.32.0)
      rubocop (>= 0.60.0)
    ruby-progressbar (1.10.0)
    ruby_http_client (3.3.0)
    ruby_parser (3.12.0)
      sexp_processor (~> 4.9)
    safe_yaml (1.0.5)
    sass (3.7.3)
      sass-listen (~> 4.0.0)
    sass-listen (4.0.0)
      rb-fsevent (~> 0.9, >= 0.9.4)
      rb-inotify (~> 0.9, >= 0.9.7)
    sassc (2.0.1)
      ffi (~> 1.9)
      rake
    sassc-rails (2.1.0)
      railties (>= 4.0.0)
      sassc (>= 2.0)
      sprockets (> 3.0)
      sprockets-rails
      tilt
    select2-rails (4.0.3)
      thor (~> 0.14)
    sendgrid-ruby (5.3.0)
      ruby_http_client (~> 3.3.0)
      sinatra (>= 1.4.7, < 3)
    sexp_processor (4.11.0)
    shoulda-matchers (4.0.1)
      activesupport (>= 4.2.0)
    sinatra (2.0.5)
      mustermann (~> 1.0)
      rack (~> 2.0)
      rack-protection (= 2.0.5)
      tilt (~> 2.0)
    sixarm_ruby_unaccent (1.2.0)
    sort_alphabetical (1.1.0)
      unicode_utils (>= 1.2.2)
    sprockets (3.7.2)
      concurrent-ruby (~> 1.0)
      rack (> 1, < 3)
    sprockets-es6 (0.9.2)
      babel-source (>= 5.8.11)
      babel-transpiler
      sprockets (>= 3.0.0)
    sprockets-rails (3.2.1)
      actionpack (>= 4.0)
      activesupport (>= 4.0)
      sprockets (>= 3.0.0)
    strings (0.1.4)
      strings-ansi (~> 0.1.0)
      unicode-display_width (~> 1.4.0)
      unicode_utils (~> 1.4.0)
    strings-ansi (0.1.0)
    tdigest (0.1.1)
      rbtree (~> 0.4.2)
    temple (0.8.1)
    therubyracer (0.12.3)
      libv8 (~> 3.16.14.15)
      ref
    thor (0.20.3)
    thread_safe (0.3.6)
    tilt (2.0.9)
    timecop (0.9.1)
    timezone (1.3.3)
    tty-color (0.4.3)
    tty-pager (0.12.0)
      strings (~> 0.1.4)
      tty-screen (~> 0.6)
      tty-which (~> 0.4)
    tty-screen (0.6.5)
    tty-tree (0.2.0)
    tty-which (0.4.0)
    twilio-ruby (5.15.2)
      faraday (~> 0.9)
      jwt (>= 1.5, <= 2.5)
      nokogiri (>= 1.6, < 2.0)
    tzinfo (1.2.5)
      thread_safe (~> 0.1)
    uglifier (4.1.20)
      execjs (>= 0.3.0, < 3)
    unicode-display_width (1.4.1)
    unicode_utils (1.4.0)
    uniform_notifier (1.12.1)
    warden (1.2.8)
      rack (>= 2.0.6)
    warden-jwt_auth (0.1.3)
      dry-auto_inject (~> 0.4)
      dry-configurable (~> 0.5)
      jwt (~> 1.5)
      warden (~> 1.2)
    webmock (3.5.1)
      addressable (>= 2.3.6)
      crack (>= 0.3.2)
      hashdiff
    webpacker (3.5.5)
      activesupport (>= 4.2)
      rack-proxy (>= 0.6.1)
      railties (>= 4.2)
    websocket-driver (0.7.0)
      websocket-extensions (>= 0.1.0)
    websocket-extensions (0.1.3)
    xdan-datetimepicker-rails (2.5.4)
      jquery-rails
      rails (>= 3.2.16)

PLATFORMS
  ruby

DEPENDENCIES
  activeadmin!
  activeadmin_addons
  addressable
  airbrake
  airbrake-ruby (= 3.1.0)
  apitome
  brakeman
  bullet
  climate_control
  country_select
  database_cleaner
  devise-jwt
  dotenv-rails
  factory_bot_rails (~> 4.1)
  faker
  fakerbot
  fast_jsonapi
  geocoder
  haml-rails
  httplog
  inherited_resources!
  kaminari
  knock!
  koala
  lograge
  mry
  newrelic_rpm
  omniauth-facebook
  pg
  phony
  puma-heroku
  puma_worker_killer
  rack-cors
  rails (~> 5.2.2)
  rails_12factor
  rspec-rails
  rspec_api_documentation
  rubocop
  rubocop-rspec
  sassc-rails
  sendgrid-ruby
  shoulda-matchers
  therubyracer
  timecop
  timezone
  twilio-ruby (~> 5.15.2)
  uglifier
  webmock
  webpacker

RUBY VERSION
   ruby 2.5.3p105

BUNDLED WITH
   1.16.6
